GEM
  remote: https://rubygems.org/
  specs:
    addressable (2.4.0)
    autoprefixer-rails (9.1.4)
      execjs
    colorator (1.1.0)
    concurrent-ruby (1.0.5)
    em-websocket (0.5.1)
      eventmachine (>= 0.12.9)
      http_parser.rb (~> 0.6.0)
    eventmachine (1.2.7)
    eventmachine (1.2.7-x64-mingw32)
    execjs (2.7.0)
    faraday (0.9.2)
      multipart-post (>= 1.2, < 3)
    ffi (1.9.25)
    ffi (1.9.25-x64-mingw32)
    forwardable-extended (2.6.0)
    http_parser.rb (0.6.0)
    i18n (0.9.5)
      concurrent-ruby (~> 1.0)
    jekyll (3.8.4)
      addressable (~> 2.4)
      colorator (~> 1.0)
      em-websocket (~> 0.5)
      i18n (~> 0.7)
      jekyll-sass-converter (~> 1.0)
      jekyll-watch (~> 2.0)
      kramdown (~> 1.14)
      liquid (~> 4.0)
      mercenary (~> 0.3.3)
      pathutil (~> 0.9)
      rouge (>= 1.7, < 4)
      safe_yaml (~> 1.0)
    jekyll-feed (0.4.0)
    jekyll-gist (1.4.0)
      octokit (~> 4.2)
    jekyll-sass-converter (1.5.2)
      sass (~> 3.4)
    jekyll-sitemap (0.10.0)
    jekyll-toc (0.6.0)
      nokogiri (~> 1.7)
    jekyll-watch (2.1.2)
      listen (~> 3.0)
    json (2.1.0)
    kramdown (1.17.0)
    liquid (4.0.1)
    listen (3.1.5)
      rb-fsevent (~> 0.9, >= 0.9.4)
      rb-inotify (~> 0.9, >= 0.9.7)
      ruby_dep (~> 1.2)
    mercenary (0.3.6)
    mini_portile2 (2.3.0)
    multipart-post (2.0.0)
    nokogiri (1.8.4)
      mini_portile2 (~> 2.3.0)
    nokogiri (1.8.4-x64-mingw32)
      mini_portile2 (~> 2.3.0)
    octokit (4.3.0)
      sawyer (~> 0.7.0, >= 0.5.3)
    octopress (3.0.11)
      jekyll (>= 2.0)
      mercenary (~> 0.3.2)
      octopress-deploy
      octopress-escape-code (~> 2.0)
      octopress-hooks (~> 2.0)
      redcarpet (~> 3.0)
      titlecase
    octopress-autoprefixer (2.0.1)
      autoprefixer-rails
      jekyll (~> 3.0)
    octopress-date-format (3.0.3)
      jekyll (>= 2.0)
    octopress-deploy (1.3.0)
      colorator
    octopress-escape-code (2.1.1)
      jekyll (~> 3.0)
    octopress-filters (1.4.0)
      jekyll
      octopress-hooks (~> 2.0)
      rubypants-unicode
      titlecase
    octopress-hooks (2.6.2)
      jekyll (>= 2.0)
    octopress-include-tag (1.1.3)
      jekyll (>= 2.0)
      octopress-tag-helpers (~> 1.0)
    octopress-ink (1.2.1)
      jekyll (>= 2.0)
      octopress (~> 3.0)
      octopress-autoprefixer
      octopress-date-format
      octopress-filters (~> 1.1)
      octopress-hooks (~> 2.2)
      octopress-include-tag (~> 1.0)
      uglifier (~> 2.5)
    octopress-littlefoot (1.0.2)
      octopress-ink (~> 1.0)
    octopress-tag-helpers (1.0.9)
      jekyll (>= 2.0)
    pathutil (0.16.1)
      forwardable-extended (~> 2.6)
    rake (12.3.1)
    rb-fsevent (0.10.3)
    rb-inotify (0.9.10)
      ffi (>= 0.5.0, < 2)
    redcarpet (3.4.0)
    rouge (3.3.0)
    ruby_dep (1.5.0)
    rubypants-unicode (0.2.5)
    safe_yaml (1.0.4)
    sass (3.6.0)
      sass-listen (~> 4.0.0)
    sass-listen (4.0.0)
      rb-fsevent (~> 0.9, >= 0.9.4)
      rb-inotify (~> 0.9, >= 0.9.7)
    sawyer (0.7.0)
      addressable (>= 2.3.5, < 2.5)
      faraday (~> 0.8, < 0.10)
    titlecase (0.1.1)
    uglifier (2.7.2)
      execjs (>= 0.3.0)
      json (>= 1.8.0)

PLATFORMS
  ruby
  x64-mingw32

DEPENDENCIES
  jekyll
  jekyll-feed
  jekyll-gist
  jekyll-sitemap
  jekyll-toc
  octopress-littlefoot
  rake

BUNDLED WITH
   1.16.4
